GEM
  remote: https://rubygems.org/
  specs:
    addressable (2.3.7)
    colorize (0.7.5)
    curb (0.8.6)
    dnsruby (1.57.0)
    ethon (0.7.2)
      ffi (>= 1.3.0)
    ffi (1.9.6)
    gman (4.5.0)
      colorize (~> 0.7)
      iso_country_codes (~> 0.6)
      naughty_or_nice (~> 0.0.2)
      swot (~> 0.4.2)
    iso_country_codes (0.6.1)
    mini_portile (0.6.2)
    naughty_or_nice (0.0.3)
      addressable (~> 2.3)
      public_suffix (>= 1.2)
    nokogiri (1.6.6.2)
      mini_portile (~> 0.6.0)
    oj (2.11.4)
    public_suffix (1.4.6)
    site-inspector (1.0.1)
      dnsruby (~> 1.56)
      gman (~> 4.1)
      nokogiri (~> 1.6)
      public_suffix (~> 1.4)
      sniffles (~> 0.2)
      typhoeus (~> 0.6)
    sniffles (0.2.0)
      nokogiri (~> 1.6.1)
    swot (0.4.2)
      naughty_or_nice
      public_suffix
    typhoeus (0.7.1)
      ethon (>= 0.7.1)

PLATFORMS
  ruby

DEPENDENCIES
  curb
  oj
  site-inspector
